GEM
  remote: http://rubygems.org/
  specs:
    activesupport (3.0.6)
    geo-distance (0.1.2)
    haml (3.0.25)
    hpricot (0.8.4)
    json (1.5.1)
    rack (1.2.2)
    sinatra (1.2.3)
      rack (~> 1.1)
      tilt (< 2.0, >= 1.2.2)
    tilt (1.2.2)

PLATFORMS
  ruby

DEPENDENCIES
  activesupport
  geo-distance
  haml
  hpricot
  json
  sinatra
